GEM
  remote: https://rubygems.org/
  specs:
    rack (2.2.3)

PLATFORMS
  aarch64-linux

DEPENDENCIES
  rack

BUNDLED WITH
   2.3.3
