GEM
  remote: https://rubygems.org/
  specs:
    ast (2.4.2)
    async (2.6.4)
      console (~> 1.10)
      fiber-annotation
      io-event (~> 1.1)
      timers (~> 4.1)
    console (1.23.2)
      fiber-annotation
      fiber-local
    fiber-annotation (0.2.0)
    fiber-local (1.0.0)
    io-event (1.3.2)
    parallel (1.22.1)
    parser (3.1.2.0)
      ast (~> 2.4.1)
    rack (2.2.3)
    rainbow (3.1.1)
    regexp_parser (2.4.0)
    rexml (3.2.5)
    rubocop (1.29.1)
      parallel (~> 1.10)
      parser (>= 3.1.0.0)
      rainbow (>= 2.2.2, < 4.0)
      regexp_parser (>= 1.8, < 3.0)
      rexml (>= 3.2.5, < 4.0)
      rubocop-ast (>= 1.17.0, < 2.0)
      ruby-progressbar (~> 1.7)
      unicode-display_width (>= 1.4.0, < 3.0)
    rubocop-ast (1.18.0)
      parser (>= 3.1.1.0)
    ruby-progressbar (1.11.0)
    timers (4.3.5)
    unicode-display_width (2.1.0)

PLATFORMS
  aarch64-linux
  x86_64-linux

DEPENDENCIES
  async
  rack
  rubocop

BUNDLED WITH
   2.3.3
